GEM
  remote: https://rubygems.org/
  specs:
    ddtrace (1.9.0)
      debase-ruby_core_source (>= 0.10.16, <= 3.2.0)
      libdatadog (~> 1.0.1.1.0)
      libddwaf (~> 1.5.1.0.0)
      msgpack
    debase-ruby_core_source (3.2.0)
    ffi (1.15.5)
    libdatadog (1.0.1.1.0)
    libddwaf (1.5.1.0.1)
      ffi (~> 1.0)
    msgpack (1.7.2)

PLATFORMS
  ruby

DEPENDENCIES
  ddtrace (~> 1.9.0)

BUNDLED WITH
   2.3.7
